GEM
  remote: http://rubygems.org/
  specs:
    akami (1.0.0)
      gyoku (>= 0.4.0)
    amatch (0.2.10)
      tins (~> 0.3)
    builder (3.0.0)
    diff-lcs (1.1.3)
    gyoku (0.4.4)
      builder (>= 2.1.2)
    hpricot (0.8.6)
    httpi (0.9.7)
      rack
    imdb (0.6.8)
      hpricot (~> 0.8.4)
    nokogiri (1.5.2)
    nori (1.1.0)
    pg (0.14.0)
    rack (1.4.1)
    rspec (2.10.0)
      rspec-core (~> 2.10.0)
      rspec-expectations (~> 2.10.0)
      rspec-mocks (~> 2.10.0)
    rspec-core (2.10.0)
    rspec-expectations (2.10.0)
      diff-lcs (~> 1.1.3)
    rspec-mocks (2.10.1)
    savon (0.9.9)
      akami (~> 1.0)
      builder (>= 2.1.2)
      gyoku (>= 0.4.0)
      httpi (~> 0.9)
      nokogiri (>= 1.4.0)
      nori (~> 1.1)
      wasabi (~> 2.1)
    timecop (0.3.5)
    tins (0.4.3)
    wasabi (2.1.1)
      nokogiri (>= 1.4.0)

PLATFORMS
  ruby

DEPENDENCIES
  amatch
  imdb
  pg
  rspec
  savon
  timecop
