GEM
  remote: http://rubygems.org/
  specs:
    akami (1.1.0)
      gyoku (>= 0.4.0)
      nokogiri (>= 1.5.2)
    builder (3.0.0)
    diff-lcs (1.1.3)
    gyoku (0.4.5)
      builder (>= 2.1.2)
    hpricot (0.8.6)
    httpi (1.0.0)
      rack
    imdb (0.6.8)
      hpricot (~> 0.8.4)
    nokogiri (1.5.4)
    nori (1.1.0)
    rack (1.4.1)
    rspec (2.10.0)
      rspec-core (~> 2.10.0)
      rspec-expectations (~> 2.10.0)
      rspec-mocks (~> 2.10.0)
    rspec-core (2.10.1)
    rspec-expectations (2.10.0)
      diff-lcs (~> 1.1.3)
    rspec-mocks (2.10.1)
    savon (1.0.0)
      akami (~> 1.1)
      builder (>= 2.1.2)
      gyoku (>= 0.4.0)
      httpi (~> 1.0)
      nokogiri (>= 1.4.0)
      nori (~> 1.1)
      wasabi (~> 2.2)
    timecop (0.3.5)
    wasabi (2.4.0)
      httpi (~> 1.0)
      nokogiri (>= 1.4.0)

PLATFORMS
  ruby

DEPENDENCIES
  imdb
  rspec
  savon
  timecop
